PATH
  remote: .
  specs:
    measurable (0.0.7)

GEM
  remote: http://rubygems.org/
  specs:
    diff-lcs (1.2.5)
    inversion (0.12.3)
      loggability (~> 0.4)
    json (1.8.1)
    loggability (0.10.0)
    rake (10.1.1)
    rdoc (4.1.1)
      json (~> 1.4)
    rdoc-generator-fivefish (0.1.0)
      inversion (~> 0.12)
      loggability (~> 0.6)
      rdoc (~> 4.0)
      yajl-ruby (~> 1.1)
    rspec (2.14.1)
      rspec-core (~> 2.14.0)
      rspec-expectations (~> 2.14.0)
      rspec-mocks (~> 2.14.0)
    rspec-core (2.14.7)
    rspec-expectations (2.14.5)
      diff-lcs (>= 1.1.3, < 2.0)
    rspec-mocks (2.14.5)
    yajl-ruby (1.2.0)

PLATFORMS
  ruby

DEPENDENCIES
  bundler
  measurable!
  rake (> 0.10)
  rdoc (> 4.0)
  rdoc-generator-fivefish
  rspec (~> 2.9)
